GEM
  remote: https://rubygems.org/
  specs:
    activesupport (4.0.4)
      i18n (~> 0.6, >= 0.6.9)
      minitest (~> 4.2)
      multi_json (~> 1.3)
      thread_safe (~> 0.1)
      tzinfo (~> 0.3.37)
    atomic (1.1.16)
    capistrano (3.1.0)
      i18n
      rake (>= 10.0.0)
      sshkit (~> 1.3)
    capistrano-rbenv (2.0.2)
      capistrano (~> 3.1)
      sshkit (~> 1.3)
    diff-lcs (1.2.5)
    http_router (0.11.1)
      rack (>= 1.0.0)
      url_mount (~> 0.2.1)
    i18n (0.6.9)
    mail (2.5.4)
      mime-types (~> 1.16)
      treetop (~> 1.4.8)
    mime-types (1.25.1)
    minitest (4.7.5)
    moneta (0.7.20)
    multi_json (1.9.2)
    net-scp (1.1.2)
      net-ssh (>= 2.6.5)
    net-ssh (2.8.0)
    padrino (0.12.0)
      padrino-admin (= 0.12.0)
      padrino-cache (= 0.12.0)
      padrino-core (= 0.12.0)
      padrino-gen (= 0.12.0)
      padrino-helpers (= 0.12.0)
      padrino-mailer (= 0.12.0)
    padrino-admin (0.12.0)
      padrino-core (= 0.12.0)
      padrino-helpers (= 0.12.0)
    padrino-cache (0.12.0)
      moneta (~> 0.7.0)
      padrino-core (= 0.12.0)
      padrino-helpers (= 0.12.0)
    padrino-core (0.12.0)
      activesupport (>= 3.1)
      http_router (~> 0.11.0)
      rack-protection (>= 1.5.0)
      sinatra (~> 1.4.2)
      thor (~> 0.17.0)
      tilt (~> 1.4.1)
    padrino-gen (0.12.0)
      bundler (~> 1.0)
      padrino-core (= 0.12.0)
    padrino-helpers (0.12.0)
      i18n (~> 0.6, >= 0.6.7)
      padrino-core (= 0.12.0)
    padrino-mailer (0.12.0)
      mail (~> 2.5.3)
      padrino-core (= 0.12.0)
    polyglot (0.3.4)
    rack (1.5.2)
    rack-protection (1.5.2)
      rack
    rack-test (0.6.2)
      rack (>= 1.0)
    rake (10.2.2)
    rest-client (1.6.7)
      mime-types (>= 1.16)
    rspec (2.14.1)
      rspec-core (~> 2.14.0)
      rspec-expectations (~> 2.14.0)
      rspec-mocks (~> 2.14.0)
    rspec-core (2.14.8)
    rspec-expectations (2.14.5)
      diff-lcs (>= 1.1.3, < 2.0)
    rspec-mocks (2.14.6)
    sass (3.3.4)
    sinatra (1.4.4)
      rack (~> 1.4)
      rack-protection (~> 1.4)
      tilt (~> 1.3, >= 1.3.4)
    slim (2.0.2)
      temple (~> 0.6.6)
      tilt (>= 1.3.3, < 2.1)
    sshkit (1.3.0)
      net-scp (>= 1.1.2)
      net-ssh
      term-ansicolor
    temple (0.6.7)
    term-ansicolor (1.3.0)
      tins (~> 1.0)
    thor (0.17.0)
    thread_safe (0.3.1)
      atomic (>= 1.1.7, < 2)
    tilt (1.4.1)
    tins (1.0.1)
    treetop (1.4.15)
      polyglot
      polyglot (>= 0.3.1)
    tzinfo (0.3.39)
    url_mount (0.2.1)
      rack
    wanikani (0.0.7)
      multi_json (~> 1.9)
      rest-client (~> 1.6)

PLATFORMS
  ruby

DEPENDENCIES
  capistrano
  capistrano-rbenv
  padrino (= 0.12.0)
  rack-test
  rake
  rspec
  sass
  slim
  wanikani
