GEM
  remote: https://rubygems.org/
  specs:
    activesupport (5.0.0.1)
      concurrent-ruby (~> 1.0, >= 1.0.2)
      i18n (~> 0.7)
      minitest (~> 5.1)
      tzinfo (~> 1.1)
    addressable (2.4.0)
    airbrake (5.3.0)
      airbrake-ruby (~> 1.3)
    airbrake-ruby (1.3.2)
    anki (0.0.4)
    ast (2.3.0)
    capybara (2.7.1)
      addressable
      mime-types (>= 1.16)
      nokogiri (>= 1.3.3)
      rack (>= 1.0.0)
      rack-test (>= 0.5.4)
      xpath (~> 2.0)
    colorize (0.7.7)
    concurrent-ruby (1.0.2)
    dalli (2.7.6)
    diff-lcs (1.2.5)
    enumerable-lazy (0.0.1)
    faraday (0.9.2)
      multipart-post (>= 1.2, < 3)
    faraday_middleware (0.10.0)
      faraday (>= 0.7.4, < 0.10)
    fasterer (0.3.2)
      colorize (~> 0.7)
      ruby_parser (~> 3.7)
    gitlab (3.7.0)
      httparty (~> 0.13.0)
      terminal-table
    httparty (0.13.7)
      json (~> 1.8)
      multi_xml (>= 0.5.2)
    i18n (0.7.0)
    json (1.8.3)
    mail (2.6.4)
      mime-types (>= 1.16, < 4)
    mime-types (2.99.2)
    mini_portile2 (2.0.0)
    minitest (5.9.0)
    moneta (0.8.0)
    multi_xml (0.5.5)
    multipart-post (2.0.0)
    mustermann19 (0.4.4)
      enumerable-lazy
    newrelic_rpm (3.15.2.317)
    nokogiri (1.6.7.2)
      mini_portile2 (~> 2.0.0.rc2)
    octokit (4.3.0)
      sawyer (~> 0.7.0, >= 0.5.3)
    padrino (0.13.3)
      padrino-admin (= 0.13.3)
      padrino-cache (= 0.13.3)
      padrino-core (= 0.13.3)
      padrino-gen (= 0.13.3)
      padrino-helpers (= 0.13.3)
      padrino-mailer (= 0.13.3)
      padrino-support (= 0.13.3)
    padrino-admin (0.13.3)
      padrino-core (= 0.13.3)
      padrino-helpers (= 0.13.3)
    padrino-cache (0.13.3)
      moneta (~> 0.8.0)
      padrino-core (= 0.13.3)
      padrino-helpers (= 0.13.3)
    padrino-contrib (0.2.0)
    padrino-core (0.13.3)
      activesupport (>= 3.1)
      mustermann19
      padrino-support (= 0.13.3)
      rack-protection (>= 1.5.0)
      sinatra (~> 1.4.6)
      thor (~> 0.18)
    padrino-gen (0.13.3)
      bundler (~> 1.0)
      padrino-core (= 0.13.3)
    padrino-helpers (0.13.3)
      i18n (~> 0.6, >= 0.6.7)
      padrino-support (= 0.13.3)
      tilt (>= 1.4.1, < 3)
    padrino-mailer (0.13.3)
      mail (~> 2.5)
      mime-types (< 3)
      padrino-core (= 0.13.3)
    padrino-support (0.13.3)
      activesupport (>= 3.1)
    parser (2.3.1.2)
      ast (~> 2.2)
    powerpack (0.1.1)
    pronto (0.7.1)
      gitlab (~> 3.6, >= 3.4.0)
      httparty (~> 0.13.7)
      octokit (~> 4.3, >= 4.1.0)
      rainbow (~> 2.1)
      rugged (~> 0.24, >= 0.23.0)
      thor (~> 0.19.0)
    pronto-fasterer (0.7.0)
      fasterer (~> 0.3, >= 0.3.0)
      pronto (~> 0.7.0)
    pronto-rubocop (0.7.0)
      pronto (~> 0.7.0)
      rubocop (~> 0.38, >= 0.35.0)
    puma (3.4.0)
    rack (1.6.4)
    rack-protection (1.5.3)
      rack
    rack-test (0.6.3)
      rack (>= 1.0)
    rainbow (2.1.0)
    rake (11.1.2)
    rspec (3.5.0)
      rspec-core (~> 3.5.0)
      rspec-expectations (~> 3.5.0)
      rspec-mocks (~> 3.5.0)
    rspec-core (3.5.1)
      rspec-support (~> 3.5.0)
    rspec-expectations (3.5.0)
      diff-lcs (>= 1.2.0, < 2.0)
      rspec-support (~> 3.5.0)
    rspec-mocks (3.5.0)
      diff-lcs (>= 1.2.0, < 2.0)
      rspec-support (~> 3.5.0)
    rspec-support (3.5.0)
    rubocop (0.42.0)
      parser (>= 2.3.1.1, < 3.0)
      powerpack (~> 0.1)
      rainbow (>= 1.99.1, < 3.0)
      ruby-progressbar (~> 1.7)
      unicode-display_width (~> 1.0, >= 1.0.1)
    ruby-progressbar (1.8.1)
    ruby_parser (3.8.2)
      sexp_processor (~> 4.1)
    rugged (0.24.0)
    sass (3.4.22)
    sawyer (0.7.0)
      addressable (>= 2.3.5, < 2.5)
      faraday (~> 0.8, < 0.10)
    sexp_processor (4.7.0)
    sinatra (1.4.7)
      rack (~> 1.5)
      rack-protection (~> 1.4)
      tilt (>= 1.3, < 3)
    slim (3.0.7)
      temple (~> 0.7.6)
      tilt (>= 1.3.3, < 2.1)
    temple (0.7.7)
    terminal-table (1.6.0)
    thor (0.19.1)
    thread_safe (0.3.5)
    tilt (2.0.5)
    tzinfo (1.2.2)
      thread_safe (~> 0.1)
    unicode-display_width (1.1.0)
    wanikani (1.4)
      faraday (~> 0.9)
      faraday_middleware (~> 0.10)
    xpath (2.0.0)
      nokogiri (~> 1.3)
    yui-compressor (0.12.0)

PLATFORMS
  ruby

DEPENDENCIES
  airbrake (~> 5.3.0)
  anki (= 0.0.4)
  capybara (~> 2.7.1)
  dalli (~> 2.7.6)
  fasterer (~> 0.3.2)
  newrelic_rpm (~> 3.15.2)
  padrino (= 0.13.3)
  padrino-contrib (~> 0.2.0)
  pronto (~> 0.7.0)
  pronto-fasterer (~> 0.7.0)
  pronto-rubocop (~> 0.7.0)
  puma (~> 3.4.0)
  rack-test (~> 0.6.3)
  rake (~> 11.1.2)
  rspec (~> 3.5.0)
  rubocop (~> 0.42.0)
  sass (~> 3.4.22)
  slim (~> 3.0.6)
  wanikani (~> 1.4)
  yui-compressor (~> 0.12.0)

RUBY VERSION
   ruby 2.3.1p112

BUNDLED WITH
   1.12.5
